GEM
  remote: https://rubygems.org/
  specs:
    nokogiri (1.13.9-x64-mingw-ucrt)
      racc (~> 1.4)
    nokogiri (1.13.9-x86_64-linux)
      racc (~> 1.4)
    racc (1.6.1)
    roo (2.9.0)
      nokogiri (~> 1)
      rubyzip (>= 1.3.0, < 3.0.0)
    rubyzip (2.3.2)

PLATFORMS
  x64-mingw-ucrt
  x86_64-linux

DEPENDENCIES
  roo (~> 2.9.0)

RUBY VERSION
   ruby 3.1.1p18

BUNDLED WITH
   2.3.17
